PATH
  remote: .
  specs:
    nugget (0.0.10)
      mixlib-cli
      mixlib-config
      mixlib-log
      statsd-ruby
      thin
      turd
      yajl-ruby

GEM
  remote: https://rubygems.org/
  specs:
    daemons (1.1.9)
    ethon (0.7.1)
      ffi (>= 1.3.0)
    eventmachine (1.0.3)
    ffi (1.9.6)
    mixlib-cli (1.5.0)
    mixlib-config (2.1.0)
    mixlib-log (1.6.0)
    rack (1.6.2)
    rake (10.3.2)
    statsd-ruby (1.2.1)
    thin (1.6.3)
      daemons (~> 1.0, >= 1.0.9)
      eventmachine (~> 1.0)
      rack (~> 1.0)
    turd (0.0.6)
      typhoeus
    typhoeus (0.6.9)
      ethon (>= 0.7.1)
    yajl-ruby (1.2.1)

PLATFORMS
  ruby

DEPENDENCIES
  bundler (~> 1.5)
  nugget!
  rake
